GEM
  remote: https://rubygems.org/
  specs:
    rack (2.2.7)
    rackup (1.0.0)
      rack (< 3)
      webrick
    webrick (1.8.1)

PLATFORMS
  x86_64-linux

DEPENDENCIES
  rack (~> 2.2)
  rackup
  webrick

RUBY VERSION
   ruby 3.2.0p0

BUNDLED WITH
   2.4.6
